PATH
  remote: vendor/gems/acts_as_api-0.3.0
  specs:
    acts_as_api (0.3.0)
      activemodel (>= 3.0.0)
      activesupport (>= 3.0.0)
      rack (>= 1.1.0)

GEM
  remote: http://rubygems.org/
  specs:
    abstract (1.0.0)
    actionmailer (3.0.4)
      actionpack (= 3.0.4)
      mail (~> 2.2.15)
    actionpack (3.0.4)
      activemodel (= 3.0.4)
      activesupport (= 3.0.4)
      builder (~> 2.1.2)
      erubis (~> 2.6.6)
      i18n (~> 0.4)
      rack (~> 1.2.1)
      rack-mount (~> 0.6.13)
      rack-test (~> 0.5.7)
      tzinfo (~> 0.3.23)
    activemodel (3.0.4)
      activesupport (= 3.0.4)
      builder (~> 2.1.2)
      i18n (~> 0.4)
    activerecord (3.0.4)
      activemodel (= 3.0.4)
      activesupport (= 3.0.4)
      arel (~> 2.0.2)
      tzinfo (~> 0.3.23)
    activeresource (3.0.4)
      activemodel (= 3.0.4)
      activesupport (= 3.0.4)
    activesupport (3.0.4)
    arel (2.0.6)
    aws-s3 (0.6.2)
      builder
      mime-types
      xml-simple
    binary_plist (0.0.5)
      activesupport (> 2.0)
    builder (2.1.2)
    crack (0.1.7)
    erubis (2.6.6)
      abstract (>= 1.0.0)
    fastercsv (1.5.3)
    garb (0.8.4)
      activesupport (>= 2.2.0)
      crack (>= 0.1.6)
    hashie (0.1.8)
    httparty (0.4.5)
      crack (>= 0.1.1)
    httpclient (2.1.5.2)
    i18n (0.5.0)
    json (1.2.2)
    mail (2.2.15)
      activesupport (>= 2.3.6)
      i18n (>= 0.4.0)
      mime-types (~> 1.16)
      treetop (~> 1.4.8)
    mechanize (1.0.0)
      nokogiri (>= 1.2.1)
    mime-types (1.16)
    nokogiri (1.4.3.1)
    oauth (0.3.6)
      ruby-hmac (>= 0.3.1)
    pg (0.10.1)
    plist (3.1.0)
    polyglot (0.3.1)
    rack (1.2.1)
    rack-mount (0.6.13)
      rack (>= 1.0.0)
    rack-test (0.5.7)
      rack (>= 1.0)
    rails (3.0.4)
      actionmailer (= 3.0.4)
      actionpack (= 3.0.4)
      activerecord (= 3.0.4)
      activeresource (= 3.0.4)
      activesupport (= 3.0.4)
      bundler (~> 1.0)
      railties (= 3.0.4)
    railties (3.0.4)
      actionpack (= 3.0.4)
      activesupport (= 3.0.4)
      rake (>= 0.8.7)
      thor (~> 0.14.4)
    rake (0.8.7)
    rcov (0.9.9)
    right_aws (1.10.0)
      right_http_connection (>= 1.2.4)
    right_http_connection (1.2.4)
    ruby-hmac (0.4.0)
    sqlite3-ruby (1.2.5)
    thor (0.14.6)
    treetop (1.4.9)
      polyglot (>= 0.3.1)
    twitter (0.8.4)
      hashie (~> 0.1.3)
      httparty (~> 0.4.3)
      oauth (~> 0.3.6)
    tzinfo (0.3.23)
    wirble (0.1.3)
    xml-simple (1.0.12)

PLATFORMS
  ruby

DEPENDENCIES
  acts_as_api (= 0.3.0)!
  aws-s3
  binary_plist
  fastercsv (= 1.5.3)
  garb
  httpclient
  json (= 1.2.2)
  mechanize (= 1.0.0)
  pg
  plist (= 3.1.0)
  rails (= 3.0.4)
  rcov (= 0.9.9)
  right_aws
  sqlite3-ruby
  twitter (= 0.8.4)
  wirble
